GIT
  remote: https://github.com/jdutil/spree_contact_us
  revision: 8263a35468577738b690f4e82136828d4348a619
  branch: 2-0-stable
  specs:
    spree_contact_us (2.0.0)
      spree_core (~> 2.0.0)

GIT
  remote: https://github.com/jdutil/spree_sitemap
  revision: 2c3ea846da6dd2edecd03f9a395008ea8c0cfe5b
  ref: 2c3ea846da6dd2edecd03f9a395008ea8c0cfe5b
  specs:
    spree_sitemap (2.0.0.beta)
      sitemap_generator (~> 4.2.0)
      spree_core (>= 1.0.0)

GIT
  remote: https://github.com/picazoH/spree_kiala.git
  revision: cbcb53736cd5f6a06262d4f96341cbe1d0a92a39
  branch: master
  specs:
    spree_kiala (0.1.0)
      spree_core (~> 2.0.0)

GIT
  remote: https://github.com/picazoH/spree_sermepa.git
  revision: 16c4ade018d14a098cb4a2d83a20b00b6d109491
  branch: master
  specs:
    spree_sermepa (2.0.0)
      active_merchant_sermepa (>= 0.1.1)
      spree_core (~> 2.0.0)

GIT
  remote: https://github.com/picazoH/spree_store_locator.git
  revision: db13da070dd7b29b299e04491262fee1410f1779
  branch: 2-0-stable
  specs:
    spree_store_locator (2.2.1)
      spree_core (>= 2.0.0)

GIT
  remote: https://github.com/picazoH/spree_variant_all_options.git
  revision: 76e5a8ec7969ee0caa2eeffcd9646185229eb46a
  branch: master
  specs:
    spree_variant_all_options (0.0.1)
      spree_core (>= 1.3)

GIT
  remote: https://github.com/priviterag/spree_slider
  revision: 86d9f5d5f22dd5f98a2157e96b327338561f6f3c
  ref: 86d9f5d5f22dd5f98a2157e96b327338561f6f3c
  specs:
    spree_slider (1.2.0)
      spree_core (>= 1.1.0)

GIT
  remote: https://github.com/spree/spree.git
  revision: 089e7ffbe867034f444724e337f429dbc3b325cb
  branch: 2-0-stable
  specs:
    spree (2.0.12.beta)
      spree_api (= 2.0.12.beta)
      spree_backend (= 2.0.12.beta)
      spree_cmd (= 2.0.12.beta)
      spree_core (= 2.0.12.beta)
      spree_frontend (= 2.0.12.beta)
      spree_sample (= 2.0.12.beta)
    spree_api (2.0.12.beta)
      rabl (= 0.9.3)
      spree_core (= 2.0.12.beta)
      versioncake (~> 1.2.0)
    spree_backend (2.0.12.beta)
      jquery-rails (~> 3.0.0)
      jquery-ui-rails (~> 4.0.0)
      select2-rails (~> 3.4.7)
      spree_api (= 2.0.12.beta)
      spree_core (= 2.0.12.beta)
    spree_cmd (2.0.12.beta)
      thor (~> 0.14)
    spree_core (2.0.12.beta)
      activemerchant (~> 1.43.1)
      acts_as_list (= 0.3.0)
      awesome_nested_set (= 2.1.6)
      aws-sdk (= 1.31.3)
      cancan (~> 1.6.10)
      deface (= 1.0.0)
      ffaker (~> 1.16)
      highline (~> 1.6.18)
      httparty (~> 0.11)
      json (~> 1.7)
      kaminari (~> 0.15.0)
      monetize
      paperclip (~> 3.4.1)
      paranoia (~> 1.3)
      rails (~> 3.2.18)
      ransack (~> 1.1.0)
      state_machine (= 1.2.0)
      stringex (~> 1.5.1)
      truncate_html (= 0.9.2)
    spree_frontend (2.0.12.beta)
      canonical-rails
      deface (>= 0.9.0)
      jquery-rails (~> 3.0.0)
      rails (~> 3.2.13)
      spree_api (= 2.0.12.beta)
      spree_core (= 2.0.12.beta)
      stringex (~> 1.5.1)
    spree_sample (2.0.12.beta)
      spree_core (= 2.0.12.beta)

GIT
  remote: https://github.com/spree/spree_auth_devise.git
  revision: 0181835fb6ac77a05191d26f6f32a0f4a548d851
  branch: 2-0-stable
  specs:
    spree_auth_devise (2.0.0)
      devise (~> 2.2.5)
      devise-encryptable (= 0.1.2)
      spree_backend (~> 2.0.0)
      spree_core (~> 2.0.0)
      spree_frontend (~> 2.0.0)

GIT
  remote: https://github.com/spree/spree_editor.git
  revision: 4312b29cc2705155b6150f5e8b174358100a9391
  branch: 2-0-stable
  specs:
    spree_editor (2.2.0)
      ckeditor (= 4.0.6)
      spree_backend (~> 2.0.0)
      tinymce-rails (~> 4.0.16)

GIT
  remote: https://github.com/spree/spree_gateway.git
  revision: 8290aaa3001b88c1508762a2ffbebdf2a28ebcc2
  branch: 2-0-stable
  specs:
    spree_gateway (2.0.1)
      spree_core (~> 2.0.0)

GIT
  remote: https://github.com/spree/spree_i18n.git
  revision: 587ab1da768c41b46eef42a32b6bb7bff81f9780
  branch: 2-0-stable
  specs:
    spree_i18n (3.1.0.beta)
      globalize3 (~> 0.3.0)
      i18n (~> 0.6.1)
      rails-i18n (~> 3.0.0)
      spree_core (~> 2.0.0)

GIT
  remote: https://github.com/spree/spree_product_zoom.git
  revision: 06030392eb05687f83480c4abf01d399bf047b54
  branch: 2-0-stable
  specs:
    spree_product_zoom (1.3)
      spree_core (~> 2.0.0)

GIT
  remote: https://github.com/spree/spree_social_products.git
  revision: 18881d9700111fd40609227a8ff14bccb2813a12
  branch: 2-0-stable
  specs:
    spree_social_products (2.0)
      spree_core (~> 2.0)

GIT
  remote: https://github.com/spree/spree_static_content
  revision: 8307179e5e645e241948f85465d5cc04980718e8
  branch: 2-0-stable
  specs:
    spree_static_content (2.0.7.beta)
      spree_core (~> 2.0.0)

GIT
  remote: https://github.com/suryart/spree_sort_products.git
  revision: 490502d2cf948dbc2331dca9e11027b84abdcdcc
  branch: 2-0-stable
  specs:
    spree_sort_products (2.0.0)
      jquery-dragsort-rails (~> 1.0.0)
      spree_core (~> 2.0.0)

GEM
  remote: https://rubygems.org/
  specs:
    actionmailer (3.2.18)
      actionpack (= 3.2.18)
      mail (~> 2.5.4)
    actionpack (3.2.18)
      activemodel (= 3.2.18)
      activesupport (= 3.2.18)
      builder (~> 3.0.0)
      erubis (~> 2.7.0)
      journey (~> 1.0.4)
      rack (~> 1.4.5)
      rack-cache (~> 1.2)
      rack-test (~> 0.6.1)
      sprockets (~> 2.2.1)
    active_merchant_sermepa (0.1.1)
      activemerchant (>= 1.9.4)
    active_utils (2.2.2)
      activesupport (>= 2.3.11)
      i18n
    activemerchant (1.43.3)
      active_utils (~> 2.0, >= 2.0.1)
      activesupport (>= 2.3.14, < 5.0.0)
      builder (>= 2.1.2, < 4.0.0)
      i18n (~> 0.5)
      json (~> 1.7)
      money (< 7.0.0)
      nokogiri (~> 1.4)
    activemodel (3.2.18)
      activesupport (= 3.2.18)
      builder (~> 3.0.0)
    activerecord (3.2.18)
      activemodel (= 3.2.18)
      activesupport (= 3.2.18)
      arel (~> 3.0.2)
      tzinfo (~> 0.3.29)
    activeresource (3.2.18)
      activemodel (= 3.2.18)
      activesupport (= 3.2.18)
    activesupport (3.2.18)
      i18n (~> 0.6, >= 0.6.4)
      multi_json (~> 1.0)
    acts_as_list (0.3.0)
      activerecord (>= 3.0)
    arel (3.0.3)
    awesome_nested_set (2.1.6)
      activerecord (>= 3.0.0)
    aws-sdk (1.31.3)
      json (~> 1.4)
      nokogiri (>= 1.4.4)
      uuidtools (~> 2.1)
    bcrypt (3.1.7)
    bcrypt-ruby (3.1.5)
      bcrypt (>= 3.1.3)
    bootstrap-sass (3.1.0.2)
      sass (~> 3.2)
    builder (3.0.4)
    cancan (1.6.10)
    canonical-rails (0.0.7)
      rails (>= 3.1, < 5.0)
    capistrano (3.0.1)
      i18n
      rake (>= 10.0.0)
      sshkit (>= 0.0.23)
    capistrano-bundler (1.1.1)
      capistrano (~> 3.0)
      sshkit (>= 1.2.0)
    capistrano-rails (1.1.0)
      capistrano (>= 3.0.0)
      capistrano-bundler (>= 1.0.0)
    capybara (2.1.0)
      mime-types (>= 1.16)
      nokogiri (>= 1.3.3)
      rack (>= 1.0.0)
      rack-test (>= 0.5.4)
      xpath (~> 2.0)
    chronic (0.10.2)
    chunky_png (1.3.1)
    ckeditor (4.0.6)
      mime-types
      orm_adapter
    climate_control (0.0.3)
      activesupport (>= 3.0)
    cocaine (0.5.4)
      climate_control (>= 0.0.3, < 1.0)
    coffee-rails (3.2.2)
      coffee-script (>= 2.2.0)
      railties (~> 3.2.0)
    coffee-script (2.2.0)
      coffee-script-source
      execjs
    coffee-script-source (1.6.3)
    colorize (0.7.3)
    compass (0.12.6)
      chunky_png (~> 1.2)
      fssm (>= 0.2.7)
      sass (~> 3.2.19)
    compass-rails (2.0.0)
      compass (>= 0.12.2)
    cucumber (1.3.10)
      builder (>= 2.1.2)
      diff-lcs (>= 1.1.3)
      gherkin (~> 2.12)
      multi_json (>= 1.7.5, < 2.0)
      multi_test (>= 0.0.2)
    cucumber-rails (1.3.0)
      capybara (>= 1.1.2)
      cucumber (>= 1.1.8)
      nokogiri (>= 1.5.0)
    deface (1.0.0)
      colorize (>= 0.5.8)
      nokogiri (~> 1.6.0)
      rails (>= 3.1)
    devise (2.2.8)
      bcrypt-ruby (~> 3.0)
      orm_adapter (~> 0.1)
      railties (~> 3.1)
      warden (~> 1.2.1)
    devise-encryptable (0.1.2)
      devise (>= 2.1.0)
    diff-lcs (1.2.5)
    erubis (2.7.0)
    execjs (2.0.2)
    ffaker (1.24.0)
    font-awesome-rails (4.1.0.0)
      railties (>= 3.2, < 5.0)
    fssm (0.2.10)
    geocoder (1.2.3)
    gherkin (2.12.2)
      multi_json (~> 1.3)
    globalize3 (0.3.1)
      activemodel (>= 3.0.0)
      activerecord (>= 3.0.0)
      paper_trail (~> 2)
    haml (4.0.5)
      tilt
    haml-rails (0.4)
      actionpack (>= 3.1, < 4.1)
      activesupport (>= 3.1, < 4.1)
      haml (>= 3.1, < 4.1)
      railties (>= 3.1, < 4.1)
    highline (1.6.21)
    hike (1.2.3)
    httparty (0.13.1)
      json (~> 1.8)
      multi_xml (>= 0.5.2)
    i18n (0.6.11)
    jbuilder (2.1.3)
      activesupport (>= 3.0.0, < 5)
      multi_json (~> 1.2)
    journey (1.0.4)
    jquery-dragsort-rails (1.0.0)
      actionpack (>= 3.1)
      railties (>= 3.1)
    jquery-rails (3.0.4)
      railties (>= 3.0, < 5.0)
      thor (>= 0.14, < 2.0)
    jquery-ui-rails (4.0.5)
      railties (>= 3.1.0)
    json (1.8.1)
    kaminari (0.15.1)
      actionpack (>= 3.0.0)
      activesupport (>= 3.0.0)
    mail (2.5.4)
      mime-types (~> 1.16)
      treetop (~> 1.4.8)
    method_source (0.8.2)
    mime-types (1.25.1)
    mini_portile (0.6.0)
    monetize (0.3.0)
      money (~> 6.1.0.beta1)
    money (6.1.1)
      i18n (~> 0.6.4)
    multi_json (1.10.1)
    multi_test (0.0.3)
    multi_xml (0.5.5)
    mysql2 (0.3.14)
    net-scp (1.1.2)
      net-ssh (>= 2.6.5)
    net-ssh (2.7.0)
    newrelic_rpm (3.7.1.182)
    nokogiri (1.6.3.1)
      mini_portile (= 0.6.0)
    orm_adapter (0.5.0)
    paper_trail (2.7.2)
      activerecord (~> 3.0)
      railties (~> 3.0)
    paperclip (3.4.2)
      activemodel (>= 3.0.0)
      activerecord (>= 3.0.0)
      activesupport (>= 3.0.0)
      cocaine (~> 0.5.0)
      mime-types
    paranoia (1.3.3)
      activerecord (~> 3.2)
    polyamorous (0.6.4)
      activerecord (>= 3.0)
    polyglot (0.3.5)
    puma (2.7.1)
      rack (>= 1.1, < 2.0)
    rabl (0.9.3)
      activesupport (>= 2.3.14)
    rack (1.4.5)
    rack-cache (1.2)
      rack (>= 0.4)
    rack-ssl (1.3.4)
      rack
    rack-test (0.6.2)
      rack (>= 1.0)
    rails (3.2.18)
      actionmailer (= 3.2.18)
      actionpack (= 3.2.18)
      activerecord (= 3.2.18)
      activeresource (= 3.2.18)
      activesupport (= 3.2.18)
      bundler (~> 1.0)
      railties (= 3.2.18)
    rails-i18n (3.0.1)
      i18n (~> 0.5)
      rails (>= 3.0.0, < 4.0.0)
    railties (3.2.18)
      actionpack (= 3.2.18)
      activesupport (= 3.2.18)
      rack-ssl (~> 1.3.2)
      rake (>= 0.8.7)
      rdoc (~> 3.4)
      thor (>= 0.14.6, < 2.0)
    rake (10.3.2)
    ransack (1.1.0)
      actionpack (>= 3.0)
      activerecord (>= 3.0)
      polyamorous (~> 0.6.0)
    rdoc (3.12.2)
      json (~> 1.4)
    sass (3.2.19)
    sass-rails (3.2.6)
      railties (~> 3.2.0)
      sass (>= 3.1.10)
      tilt (~> 1.3)
    select2-rails (3.4.9)
      sass-rails
      thor (~> 0.14)
    sitemap_generator (4.2.0)
      builder
    sprockets (2.2.2)
      hike (~> 1.2)
      multi_json (~> 1.0)
      rack (~> 1.0)
      tilt (~> 1.1, != 1.3.0)
    sshkit (1.3.0)
      net-scp (>= 1.1.2)
      net-ssh
      term-ansicolor
    state_machine (1.2.0)
    stringex (1.5.1)
    term-ansicolor (1.2.2)
      tins (~> 0.8)
    thor (0.19.1)
    tilt (1.4.1)
    tins (0.13.1)
    tinymce-rails (4.0.28.2)
      railties (>= 3.1.1)
    treetop (1.4.15)
      polyglot
      polyglot (>= 0.3.1)
    truncate_html (0.9.2)
    tzinfo (0.3.40)
    uglifier (2.4.0)
      execjs (>= 0.3.0)
      json (>= 1.8.0)
    uuidtools (2.1.4)
    versioncake (1.2.0)
      actionpack (>= 3.2)
      activesupport (>= 3.2)
      railties (>= 3.2)
      tzinfo
    warden (1.2.3)
      rack (>= 1.0)
    whenever (0.9.2)
      activesupport (>= 2.3.4)
      chronic (>= 0.6.3)
    xpath (2.0.0)
      nokogiri (~> 1.3)
    zeus (0.13.4.pre2)
      method_source (>= 0.6.7)

PLATFORMS
  ruby

DEPENDENCIES
  bootstrap-sass (~> 3.1.0.2)
  capistrano (~> 3.0)
  capistrano-bundler (= 1.1.1)
  capistrano-rails (= 1.1.0)
  capybara (= 2.1.0)
  coffee-rails (~> 3.2.1)
  compass (~> 0.12.2)
  compass-rails (~> 2.0.0)
  cucumber-rails (= 1.3.0)
  font-awesome-rails (~> 4.1.0.0)
  geocoder
  haml-rails
  jbuilder
  jquery-dragsort-rails (~> 1.0.0)
  jquery-rails
  mysql2
  newrelic_rpm
  puma (~> 2.7.1)
  rails (= 3.2.18)
  sass (= 3.2.19)
  sass-rails (~> 3.2.3)
  spree!
  spree_auth_devise!
  spree_contact_us!
  spree_editor!
  spree_gateway!
  spree_i18n!
  spree_kiala!
  spree_product_zoom!
  spree_sermepa!
  spree_sitemap!
  spree_slider!
  spree_social_products!
  spree_sort_products!
  spree_static_content!
  spree_store_locator!
  spree_variant_all_options!
  uglifier (>= 1.0.3)
  whenever
  zeus (= 0.13.4.pre2)
