GIT
  remote: https://github.com/200Creative/spree_bootstrap_frontend
  revision: d20c03352917ed2d36af11bacb19b88d459450d7
  branch: 2-4-stable
  specs:
    spree_auth_devise_bootstrap (2.4.0)
      spree_auth_devise (~> 2.2)
      spree_bootstrap
    spree_bootstrap (2.4.0)
      bootstrap-kaminari-views (~> 0.0.3)
      bootstrap-sass (~> 3.2.0)
      sass-rails (~> 4.0)
      spree_core (~> 2.4.0)
      spree_frontend (~> 2.4.0)
    spree_bootstrap_frontend (2.4.0.rc3)
      spree_auth_devise_bootstrap
      spree_bootstrap

GIT
  remote: https://github.com/jdutil/spree_contact_us
  revision: 44e79b925098ab8928fdf395a7199de998a1a1c7
  branch: 2-4-stable
  specs:
    spree_contact_us (2.2.0)
      spree_core (~> 2.4.1)

GIT
  remote: https://github.com/picazoH/spree_kiala.git
  revision: a86456e6f627d465e742a28d1bd48c2ed383115f
  branch: master
  specs:
    spree_kiala (0.1.0)
      spree_core (>= 2.3.0)

GIT
  remote: https://github.com/picazoH/spree_mail_view.git
  revision: e3ae93872b08e412b8b59c7f88826a55f540db44
  branch: master
  specs:
    spree_mail_view (2.2.1)
      mail_view
      spree_core (>= 2.2.1)

GIT
  remote: https://github.com/picazoH/spree_sermepa.git
  revision: a8a719e26fd9494dae3adc1a0239b1d9b7394ee3
  branch: master
  specs:
    spree_sermepa (2.3.0)
      spree_core (>= 2.3.0)

GIT
  remote: https://github.com/picazoH/spree_variant_all_options.git
  revision: 3f1d7a9e2a02cbd8bf8d5e6593b049a75852236a
  branch: master
  specs:
    spree_variant_all_options (0.0.1)
      spree_core (>= 1.3)

GIT
  remote: https://github.com/priviterag/spree_slider.git
  revision: 49532e5d401d2d510e93a27599831bdb4d84704d
  branch: master
  specs:
    spree_slider (1.2.0)
      spree_core (>= 2.2)

GIT
  remote: https://github.com/sliaquat/spree_store_locator.git
  revision: 7db1d53e372861f31ca12cfddb15cc6cfccf3d16
  branch: master
  specs:
    spree_store_locator (2.3.4)
      geocoder (= 1.2.6)
      spree_core (~> 2.4.1)

GIT
  remote: https://github.com/spree-contrib/spree_editor
  revision: 08a3a9383bbc28fe380186e6ed47d5444ea78f30
  branch: 2-4-stable
  specs:
    spree_editor (2.2.1)
      ckeditor (~> 4.0.11)
      spree_backend (~> 2.4.0)
      tinymce-rails (~> 4.0.16)

GIT
  remote: https://github.com/spree-contrib/spree_i18n
  revision: 3bd3ca824c4dcf0484795befeb726589e45353d5
  branch: 2-4-stable
  specs:
    spree_i18n (3.0.0)
      friendly_id-globalize
      globalize (~> 4.0.3)
      i18n_data (~> 0.5.1)
      rails-i18n (~> 4.0.1)
      spree_core (~> 2.4.0)

GIT
  remote: https://github.com/spree-contrib/spree_product_zoom
  revision: 071cfefb56ac8c4a21e53c587b66c85796271b88
  branch: master
  specs:
    spree_product_zoom (2.2)
      spree_core (~> 2.4.0.beta)

GIT
  remote: https://github.com/spree-contrib/spree_sitemap.git
  revision: 5ed6b1cb17b32cac9b9eefe4d9d95bad179e211f
  branch: 2-4-stable
  specs:
    spree_sitemap (2.0.0.beta)
      sitemap_generator (~> 4.3.1)
      spree_core (~> 2.4.0)

GIT
  remote: https://github.com/spree-contrib/spree_social_products.git
  revision: baa449f069080535a446f693cd9af8181a7fd49f
  branch: 2-4-stable
  specs:
    spree_social_products (2.0)
      spree_core (~> 2.4.0)

GIT
  remote: https://github.com/spree-contrib/spree_static_content
  revision: 2455a91a2d940189979cb219790eb2063c371204
  branch: 2-4-stable
  specs:
    spree_static_content (2.3.0)
      spree_core (~> 2.4.0)

GIT
  remote: https://github.com/spree/spree.git
  revision: 99d1a896bf9a51c0a0bb95d976e26ec68b6ba60d
  branch: 2-4-stable
  specs:
    spree (2.4.6.beta)
      spree_api (= 2.4.6.beta)
      spree_backend (= 2.4.6.beta)
      spree_cmd (= 2.4.6.beta)
      spree_core (= 2.4.6.beta)
      spree_frontend (= 2.4.6.beta)
      spree_sample (= 2.4.6.beta)
    spree_api (2.4.6.beta)
      rabl (~> 0.9.4.pre1)
      spree_core (= 2.4.6.beta)
      versioncake (~> 2.3.1)
    spree_backend (2.4.6.beta)
      jquery-rails (~> 3.1.2)
      jquery-ui-rails (~> 5.0.0)
      select2-rails (= 3.5.9.1)
      spree_api (= 2.4.6.beta)
      spree_core (= 2.4.6.beta)
    spree_cmd (2.4.6.beta)
      thor (~> 0.14)
    spree_core (2.4.6.beta)
      activemerchant (~> 1.44.1)
      acts_as_list (~> 0.3)
      awesome_nested_set (~> 3.0.1)
      cancancan (~> 1.9.2)
      carmen (~> 1.0.0)
      deface (~> 1.0.0)
      ffaker (~> 1.16)
      font-awesome-rails (~> 4.0)
      friendly_id (~> 5.0.4)
      highline (~> 1.6.18)
      httparty (~> 0.11)
      json (~> 1.7)
      kaminari (~> 0.15, >= 0.15.1)
      monetize (~> 1.1)
      paperclip (~> 4.2.0)
      paranoia (~> 2.0.5)
      premailer-rails
      rails (~> 4.1.8)
      ransack (~> 1.4.1)
      state_machine (= 1.2.0)
      stringex (~> 1.5.1)
      truncate_html (= 0.9.2)
      twitter_cldr (~> 3.0)
    spree_frontend (2.4.6.beta)
      canonical-rails (~> 0.0.4)
      jquery-rails (~> 3.1.2)
      spree_api (= 2.4.6.beta)
      spree_core (= 2.4.6.beta)
    spree_sample (2.4.6.beta)
      spree_core (= 2.4.6.beta)

GIT
  remote: https://github.com/spree/spree_auth_devise.git
  revision: 997382fcb1f6ed78a201ee7016384cfe71745aea
  branch: 2-4-stable
  specs:
    spree_auth_devise (2.2.0)
      devise (~> 3.2.3)
      devise-encryptable (= 0.1.2)
      json
      multi_json
      spree_core (~> 2.4.0)

GIT
  remote: https://github.com/spree/spree_gateway.git
  revision: d8e51e5c159b5652a989192fa36c31e38077e552
  branch: 2-4-stable
  specs:
    spree_gateway (2.4.0)
      spree_core (~> 2.4.0)

GEM
  remote: https://rubygems.org/
  specs:
    actionmailer (4.1.8)
      actionpack (= 4.1.8)
      actionview (= 4.1.8)
      mail (~> 2.5, >= 2.5.4)
    actionpack (4.1.8)
      actionview (= 4.1.8)
      activesupport (= 4.1.8)
      rack (~> 1.5.2)
      rack-test (~> 0.6.2)
    actionview (4.1.8)
      activesupport (= 4.1.8)
      builder (~> 3.1)
      erubis (~> 2.7.0)
    active_utils (2.2.3)
      activesupport (>= 2.3.11)
      i18n
    activemerchant (1.44.1)
      active_utils (~> 2.2.0)
      activesupport (>= 3.2.14, < 5.0.0)
      builder (>= 2.1.2, < 4.0.0)
      i18n (>= 0.6.9)
      json (~> 1.7)
      nokogiri (~> 1.4)
      offsite_payments (~> 2.0.0)
    activemodel (4.1.8)
      activesupport (= 4.1.8)
      builder (~> 3.1)
    activerecord (4.1.8)
      activemodel (= 4.1.8)
      activesupport (= 4.1.8)
      arel (~> 5.0.0)
    activesupport (4.1.8)
      i18n (~> 0.6, >= 0.6.9)
      json (~> 1.7, >= 1.7.7)
      minitest (~> 5.1)
      thread_safe (~> 0.1)
      tzinfo (~> 1.1)
    acts_as_list (0.6.0)
      activerecord (>= 3.0)
    addressable (2.3.7)
    arel (5.0.1.20140414130214)
    awesome_nested_set (3.0.2)
      activerecord (>= 4.0.0, < 5)
    aws-sdk (1.61.0)
      aws-sdk-v1 (= 1.61.0)
    aws-sdk-v1 (1.61.0)
      json (~> 1.4)
      nokogiri (>= 1.4.4)
    bcrypt (3.1.10)
    bootstrap-kaminari-views (0.0.5)
      kaminari (>= 0.13)
      rails (>= 3.1)
    bootstrap-sass (3.2.0.2)
      sass (~> 3.2)
    builder (3.2.2)
    camertron-eprun (1.1.0)
    cancancan (1.9.2)
    canonical-rails (0.0.7)
      rails (>= 3.1, < 5.0)
    capistrano (3.2.1)
      i18n
      rake (>= 10.0.0)
      sshkit (~> 1.3)
    capistrano-bundler (1.1.3)
      capistrano (~> 3.1)
      sshkit (~> 1.2)
    capistrano-rails (1.1.2)
      capistrano (~> 3.1)
      capistrano-bundler (~> 1.1)
    carmen (1.0.1)
      unicode_utils (~> 1.4.0)
    chunky_png (1.3.1)
    ckeditor (4.0.11)
      mime-types
      orm_adapter (~> 0.5.0)
    cldr-plurals-runtime-rb (1.0.0)
    climate_control (0.0.3)
      activesupport (>= 3.0)
    cocaine (0.5.7)
      climate_control (>= 0.0.3, < 1.0)
    coffee-rails (4.0.1)
      coffee-script (>= 2.2.0)
      railties (>= 4.0.0, < 5.0)
    coffee-script (2.3.0)
      coffee-script-source
      execjs
    coffee-script-source (1.8.0)
    colorize (0.7.5)
    compass (0.12.7)
      chunky_png (~> 1.2)
      fssm (>= 0.2.7)
      sass (~> 3.2.19)
    compass-rails (2.0.0)
      compass (>= 0.12.2)
    css_parser (1.3.6)
      addressable
    deface (1.0.1)
      colorize (>= 0.5.8)
      nokogiri (~> 1.6.0)
      polyglot
      rails (>= 3.1)
    devise (3.2.4)
      bcrypt (~> 3.0)
      orm_adapter (~> 0.1)
      railties (>= 3.2.6, < 5)
      thread_safe (~> 0.1)
      warden (~> 1.2.3)
    devise-encryptable (0.1.2)
      devise (>= 2.1.0)
    erubis (2.7.0)
    execjs (2.2.1)
    ffaker (1.32.1)
    figaro (1.0.0)
      thor (~> 0.14)
    font-awesome-rails (4.3.0.0)
      railties (>= 3.2, < 5.0)
    friendly_id (5.0.5)
      activerecord (>= 4.0.0)
    friendly_id-globalize (1.0.0.alpha1)
      friendly_id (>= 5.0.0.beta4, < 6.0)
    fssm (0.2.10)
    geocoder (1.2.6)
    globalize (4.0.3)
      activemodel (>= 4.0.0, < 5)
      activerecord (>= 4.0.0, < 5)
    highline (1.6.21)
    hike (1.2.3)
    htmlentities (4.3.3)
    httparty (0.13.3)
      json (~> 1.8)
      multi_xml (>= 0.5.2)
    i18n (0.7.0)
    i18n_data (0.5.1)
    jbuilder (2.1.3)
      activesupport (>= 3.0.0, < 5)
      multi_json (~> 1.2)
    jquery-rails (3.1.2)
      railties (>= 3.0, < 5.0)
      thor (>= 0.14, < 2.0)
    jquery-ui-rails (5.0.3)
      railties (>= 3.2.16)
    json (1.8.2)
    kaminari (0.16.3)
      actionpack (>= 3.0.0)
      activesupport (>= 3.0.0)
    mail (2.6.3)
      mime-types (>= 1.16, < 3)
    mail_view (2.0.4)
      tilt
    mime-types (2.4.3)
    mini_portile (0.6.2)
    minitest (5.5.1)
    monetize (1.1.0)
      money (~> 6.5.0)
    money (6.5.1)
      i18n (>= 0.6.4, <= 0.7.0)
    multi_json (1.11.0)
    multi_xml (0.5.5)
    mysql2 (0.3.16)
    net-scp (1.2.1)
      net-ssh (>= 2.6.5)
    net-ssh (2.9.1)
    newrelic_rpm (3.9.6.257)
    nokogiri (1.6.6.2)
      mini_portile (~> 0.6.0)
    offsite_payments (2.0.1)
      active_utils (~> 2.2.0)
      activesupport (>= 3.2.14, < 5.0.0)
      builder (>= 2.1.2, < 4.0.0)
      i18n (~> 0.5)
      json (~> 1.7)
      money (< 7.0.0)
      nokogiri (~> 1.4)
    orm_adapter (0.5.0)
    paperclip (4.2.1)
      activemodel (>= 3.0.0)
      activesupport (>= 3.0.0)
      cocaine (~> 0.5.3)
      mime-types
    paranoia (2.0.5)
      activerecord (~> 4.0)
    polyamorous (1.1.0)
      activerecord (>= 3.0)
    polyglot (0.3.5)
    premailer (1.8.4)
      css_parser (>= 1.3.6)
      htmlentities (>= 4.0.0)
    premailer-rails (1.8.0)
      actionmailer (>= 3, < 5)
      premailer (~> 1.7, >= 1.7.9)
    puma (2.10.2)
      rack (>= 1.1, < 2.0)
    rabl (0.9.4.pre1)
      activesupport (>= 2.3.14)
    rack (1.5.2)
    rack-test (0.6.3)
      rack (>= 1.0)
    rails (4.1.8)
      actionmailer (= 4.1.8)
      actionpack (= 4.1.8)
      actionview (= 4.1.8)
      activemodel (= 4.1.8)
      activerecord (= 4.1.8)
      activesupport (= 4.1.8)
      bundler (>= 1.3.0, < 2.0)
      railties (= 4.1.8)
      sprockets-rails (~> 2.0)
    rails-i18n (4.0.3)
      i18n (~> 0.6)
      railties (~> 4.0)
    railties (4.1.8)
      actionpack (= 4.1.8)
      activesupport (= 4.1.8)
      rake (>= 0.8.7)
      thor (>= 0.18.1, < 2.0)
    rake (10.4.2)
    ransack (1.4.1)
      actionpack (>= 3.0)
      activerecord (>= 3.0)
      activesupport (>= 3.0)
      i18n
      polyamorous (~> 1.1)
    rdoc (4.1.2)
      json (~> 1.4)
    sass (3.2.19)
    sass-rails (4.0.5)
      railties (>= 4.0.0, < 5.0)
      sass (~> 3.2.2)
      sprockets (~> 2.8, < 3.0)
      sprockets-rails (~> 2.0)
    sdoc (0.4.1)
      json (~> 1.7, >= 1.7.7)
      rdoc (~> 4.0)
    select2-rails (3.5.9.1)
      thor (~> 0.14)
    sitemap_generator (4.3.1)
      builder
    spring (1.1.3)
    sprockets (2.12.3)
      hike (~> 1.2)
      multi_json (~> 1.0)
      rack (~> 1.0)
      tilt (~> 1.1, != 1.3.0)
    sprockets-rails (2.2.4)
      actionpack (>= 3.0)
      activesupport (>= 3.0)
      sprockets (>= 2.8, < 4.0)
    sshkit (1.5.1)
      colorize
      net-scp (>= 1.1.2)
      net-ssh (>= 2.8.0)
    state_machine (1.2.0)
    stringex (1.5.1)
    thor (0.19.1)
    thread_safe (0.3.4)
    tilt (1.4.1)
    tinymce-rails (4.0.28.2)
      railties (>= 3.1.1)
    truncate_html (0.9.2)
    turbolinks (2.3.0)
      coffee-rails
    twitter_cldr (3.1.2)
      camertron-eprun
      cldr-plurals-runtime-rb (~> 1.0.0)
      json
      tzinfo
    tzinfo (1.2.2)
      thread_safe (~> 0.1)
    uglifier (2.5.3)
      execjs (>= 0.3.0)
      json (>= 1.8.0)
    unicode_utils (1.4.0)
    versioncake (2.3.1)
      actionpack (>= 3.2)
      activesupport (>= 3.2)
      railties (>= 3.2)
      tzinfo
    warden (1.2.3)
      rack (>= 1.0)

PLATFORMS
  ruby

DEPENDENCIES
  aws-sdk (~> 1.61.0)
  capistrano (~> 3.2.1)
  capistrano-bundler (~> 1.1.3)
  capistrano-rails (~> 1.1.2)
  coffee-rails (~> 4.0.0)
  compass (~> 0.12.7)
  compass-rails (~> 2.0.0)
  figaro (~> 1.0.0)
  jbuilder (~> 2.0)
  jquery-rails
  mysql2
  newrelic_rpm
  puma (~> 2.10.2)
  rails (= 4.1.8)
  sass-rails (~> 4.0.3)
  sdoc (~> 0.4.0)
  spree!
  spree_auth_devise!
  spree_bootstrap_frontend!
  spree_contact_us!
  spree_editor!
  spree_gateway!
  spree_i18n!
  spree_kiala!
  spree_mail_view!
  spree_product_zoom!
  spree_sermepa!
  spree_sitemap!
  spree_slider!
  spree_social_products!
  spree_static_content!
  spree_store_locator!
  spree_variant_all_options!
  spring
  turbolinks
  uglifier (>= 1.3.0)
